GEM
  remote: https://rubygems.org/
  specs:
    activesupport (5.1.6)
      concurrent-ruby (~> 1.0, >= 1.0.2)
      i18n (>= 0.7, < 2)
      minitest (~> 5.1)
      tzinfo (~> 1.1)
    business_time (0.9.3)
      activesupport (>= 3.2.0)
      tzinfo
    coderay (1.1.2)
    concurrent-ruby (1.0.5)
    dotenv (2.2.1)
    hashie (3.5.7)
    httparty (0.21.0)
      mini_mime (>= 1.0.0)
      multi_xml (>= 0.5.2)
    i18n (1.0.0)
      concurrent-ruby (~> 1.0)
    method_source (0.9.0)
    mini_mime (1.1.2)
    minitest (5.11.3)
    multi_xml (0.6.0)
    pry (0.11.3)
      coderay (~> 1.1.0)
      method_source (~> 0.9.0)
    thread_safe (0.3.6)
    tzinfo (1.2.5)
      thread_safe (~> 0.1)

PLATFORMS
  ruby

DEPENDENCIES
  business_time
  dotenv
  hashie
  httparty
  pry

BUNDLED WITH
   1.16.2
