GEM
  remote: https://rubygems.org/
  specs:
    activesupport (7.0.4.1)
      concurrent-ruby (~> 1.0, >= 1.0.2)
      i18n (>= 1.6, < 2)
      minitest (>= 5.1)
      tzinfo (~> 2.0)
    business_time (0.9.3)
      activesupport (>= 3.2.0)
      tzinfo
    coderay (1.1.2)
    concurrent-ruby (1.1.10)
    dotenv (2.2.1)
    hashie (3.5.7)
    httparty (0.16.0)
      multi_xml (>= 0.5.2)
    i18n (1.12.0)
      concurrent-ruby (~> 1.0)
    method_source (0.9.0)
    minitest (5.17.0)
    multi_xml (0.6.0)
    pry (0.11.3)
      coderay (~> 1.1.0)
      method_source (~> 0.9.0)
    tzinfo (2.0.5)
      concurrent-ruby (~> 1.0)

PLATFORMS
  ruby

DEPENDENCIES
  business_time
  dotenv
  hashie
  httparty
  pry

BUNDLED WITH
   1.16.2
